PATH
  remote: .
  specs:
    afterpay-ruby (0.1.0)
      faraday (>= 0.8, < 1.0)
      faraday_middleware (~> 0.13.1)
      money (>= 6.7.1, < 7.0.0)

GEM
  remote: https://rubygems.org/
  specs:
    addressable (2.6.0)
      public_suffix (>= 2.0.2, < 4.0)
    coderay (1.1.2)
    concurrent-ruby (1.1.5)
    crack (0.4.3)
      safe_yaml (~> 1.0.0)
    diff-lcs (1.3)
    faraday (0.15.4)
      multipart-post (>= 1.2, < 3)
    faraday_middleware (0.13.1)
      faraday (>= 0.7.4, < 1.0)
    hashdiff (0.3.8)
    i18n (1.6.0)
      concurrent-ruby (~> 1.0)
    method_source (0.9.2)
    money (6.13.2)
      i18n (>= 0.6.4, <= 2)
    multipart-post (2.0.0)
    pry (0.12.2)
      coderay (~> 1.1.0)
      method_source (~> 0.9.0)
    public_suffix (3.0.3)
    rake (10.5.0)
    rspec (3.8.0)
      rspec-core (~> 3.8.0)
      rspec-expectations (~> 3.8.0)
      rspec-mocks (~> 3.8.0)
    rspec-core (3.8.0)
      rspec-support (~> 3.8.0)
    rspec-expectations (3.8.2)
      diff-lcs (>= 1.2.0, < 2.0)
      rspec-support (~> 3.8.0)
    rspec-mocks (3.8.0)
      diff-lcs (>= 1.2.0, < 2.0)
      rspec-support (~> 3.8.0)
    rspec-support (3.8.0)
    safe_yaml (1.0.5)
    webmock (3.5.1)
      addressable (>= 2.3.6)
      crack (>= 0.3.2)
      hashdiff

PLATFORMS
  ruby

DEPENDENCIES
  afterpay-ruby!
  bundler (~> 2.0)
  pry
  rake (~> 10.0)
  rspec (~> 3.0)
  webmock (~> 3.5, >= 3.5.1)

BUNDLED WITH
   2.0.1
